GEM
  remote: https://rubygems.org/
  specs:
    colorize (0.8.1)
    hashie (3.4.4)
    mini_portile2 (2.6.1)
    nokogiri (1.12.5)
      mini_portile2 (~> 2.6.1)
      racc (~> 1.4)
    racc (1.5.2)

PLATFORMS
  ruby

DEPENDENCIES
  colorize (= 0.8.1)
  hashie (= 3.4.4)
  nokogiri

BUNDLED WITH
   1.12.5
